GEM
  remote: https://rubygems.org/
  specs:
    aaronh-chronic (0.3.9)
    actionmailer (4.1.16)
      actionpack (= 4.1.16)
      actionview (= 4.1.16)
      mail (~> 2.5, >= 2.5.4)
    actionpack (4.1.16)
      actionview (= 4.1.16)
      activesupport (= 4.1.16)
      rack (~> 1.5.2)
      rack-test (~> 0.6.2)
    actionpack-page_caching (1.1.0)
      actionpack (>= 4.0.0, < 6)
    actionview (4.1.16)
      activesupport (= 4.1.16)
      builder (~> 3.1)
      erubis (~> 2.7.0)
    activemodel (4.1.16)
      activesupport (= 4.1.16)
      builder (~> 3.1)
    activerecord (4.1.16)
      activemodel (= 4.1.16)
      activesupport (= 4.1.16)
      arel (~> 5.0.0)
    activerecord-mysql-reconnect (0.4.0)
      activerecord
      mysql2
    activesupport (4.1.16)
      i18n (~> 0.6, >= 0.6.9)
      json (~> 1.7, >= 1.7.7)
      minitest (~> 5.1)
      thread_safe (~> 0.1)
      tzinfo (~> 1.1)
    acts_as_list (0.9.5)
      activerecord (>= 3.0)
    addressable (2.5.1)
      public_suffix (~> 2.0, >= 2.0.2)
    akismetor (1.0.0)
    ansi (1.5.0)
    arel (5.0.1.20140414130214)
    audited (4.4.1)
      activerecord (>= 4.0, < 5.2)
    authlogic (3.4.6)
      activerecord (>= 3.2)
      activesupport (>= 3.2)
      request_store (~> 1.0)
      scrypt (>= 1.2, < 3.0)
    aws-sdk (2.9.18)
      aws-sdk-resources (= 2.9.18)
    aws-sdk-core (2.9.18)
      aws-sigv4 (~> 1.0)
      jmespath (~> 1.0)
    aws-sdk-resources (2.9.18)
      aws-sdk-core (= 2.9.18)
    aws-sigv4 (1.0.0)
    bcrypt (3.1.11)
    builder (3.2.3)
    bullet (5.0.0)
      activesupport (>= 3.0.0)
      uniform_notifier (~> 1.9.0)
    bundler-audit (0.5.0)
      bundler (~> 1.2)
      thor (~> 0.18)
    byebug (9.0.6)
    capistrano (2.15.9)
      highline
      net-scp (>= 1.0.0)
      net-sftp (>= 2.0.0)
      net-ssh (>= 2.0.14)
      net-ssh-gateway (>= 1.1.0)
    capistrano-ext (1.2.1)
      capistrano (>= 1.0.0)
    capistrano-gitflow_version (0.0.3.1)
      capistrano-ext (>= 1.2.1)
      stringex
    capybara (2.6.2)
      addressable
      mime-types (>= 1.16)
      nokogiri (>= 1.3.3)
      rack (>= 1.0.0)
      rack-test (>= 0.5.4)
      xpath (~> 2.0)
    capybara-screenshot (1.0.14)
      capybara (>= 1.0, < 3)
      launchy
    childprocess (0.7.0)
      ffi (~> 1.0, >= 1.0.11)
    chronic (0.10.2)
    climate_control (0.2.0)
    cliver (0.3.2)
    cocaine (0.5.8)
      climate_control (>= 0.0.3, < 1.0)
    coderay (1.1.1)
    concurrent-ruby (1.0.5)
    connection_pool (2.2.1)
    coveralls (0.8.19)
      json (>= 1.8, < 3)
      simplecov (~> 0.12.0)
      term-ansicolor (~> 1.3)
      thor (~> 0.19.1)
      tins (~> 1.6)
    crack (0.4.3)
      safe_yaml (~> 1.0.0)
    crass (1.0.2)
    css_parser (1.5.0)
      addressable
    cucumber (2.3.3)
      builder (>= 2.1.2)
      cucumber-core (~> 1.4.0)
      cucumber-wire (~> 0.0.1)
      diff-lcs (>= 1.1.3)
      gherkin (~> 3.2.0)
      multi_json (>= 1.7.5, < 2.0)
      multi_test (>= 0.1.2)
    cucumber-core (1.4.0)
      gherkin (~> 3.2.0)
    cucumber-rails (1.4.5)
      capybara (>= 1.1.2, < 3)
      cucumber (>= 1.3.8, < 4)
      mime-types (>= 1.16, < 4)
      nokogiri (~> 1.5)
      railties (>= 3, < 5.1)
    cucumber-timecop (0.0.6)
      chronic
      cucumber
      timecop
    cucumber-wire (0.0.1)
    dalli (2.7.6)
    database_cleaner (1.2.0)
    delorean (2.1.0)
      chronic
    devise (3.5.10)
      bcrypt (~> 3.0)
      orm_adapter (~> 0.1)
      railties (>= 3.2.6, < 5)
      responders
      thread_safe (~> 0.1)
      warden (~> 1.2.3)
    devise-async (0.10.2)
      devise (>= 3.2, < 4.0)
    diff-lcs (1.3)
    docile (1.1.5)
    domain_name (0.5.20170404)
      unf (>= 0.0.5, < 1.0.0)
    elasticsearch (5.0.4)
      elasticsearch-api (= 5.0.4)
      elasticsearch-transport (= 5.0.4)
    elasticsearch-api (5.0.4)
      multi_json
    elasticsearch-transport (5.0.4)
      faraday
      multi_json
    email_spec (1.6.0)
      launchy (~> 2.1)
      mail (~> 2.2)
    erubis (2.7.0)
    escape_utils (1.2.1)
    et-orbi (1.0.4)
      tzinfo
    factory_girl (4.5.0)
      activesupport (>= 3.0.0)
    factory_girl_rails (4.6.0)
      factory_girl (~> 4.5.0)
      railties (>= 3.0.0)
    faker (1.6.6)
      i18n (~> 0.5)
    faraday (0.12.1)
      multipart-post (>= 1.2, < 3)
    fastimage (2.1.0)
    ffi (1.9.18)
    ffi-compiler (1.0.1)
      ffi (>= 1.0.0)
      rake
    gherkin (3.2.0)
    globalize (4.0.3)
      activemodel (>= 4.0.0, < 5)
      activerecord (>= 4.0.0, < 5)
    google_visualr (2.5.1)
    hashdiff (0.3.4)
    hashr (0.0.22)
    highline (1.7.8)
    htmlentities (4.3.4)
    http-cookie (1.0.3)
      domain_name (~> 0.5)
    httparty (0.15.3)
      multi_xml (>= 0.5.2)
    i18n (0.8.1)
    jmespath (1.3.1)
    json (1.8.6)
    kgio (2.10.0)
    launchy (2.4.3)
      addressable (~> 2.3)
    lograge (0.5.1)
      actionpack (>= 4, < 5.2)
      activesupport (>= 4, < 5.2)
      railties (>= 4, < 5.2)
    mail (2.6.5)
      mime-types (>= 1.16, < 4)
    mechanize (2.7.5)
      domain_name (~> 0.5, >= 0.5.1)
      http-cookie (~> 1.0)
      mime-types (>= 1.17.2)
      net-http-digest_auth (~> 1.1, >= 1.1.1)
      net-http-persistent (~> 2.5, >= 2.5.2)
      nokogiri (~> 1.6)
      ntlm-http (~> 0.1, >= 0.1.1)
      webrobots (>= 0.0.9, < 0.2)
    method_source (0.8.2)
    mime-types (2.99.3)
    mimemagic (0.3.0)
    mini_portile2 (2.1.0)
    minitest (5.10.2)
    mono_logger (1.1.0)
    multi_json (1.12.1)
    multi_test (0.1.2)
    multi_xml (0.6.0)
    multipart-post (2.0.0)
    mysql2 (0.3.20)
    net-http-digest_auth (1.4.1)
    net-http-persistent (2.9.4)
    net-scp (1.2.1)
      net-ssh (>= 2.6.5)
    net-sftp (2.1.2)
      net-ssh (>= 2.6.5)
    net-ssh (4.1.0)
    net-ssh-gateway (2.0.0)
      net-ssh (>= 4.0.0)
    netrc (0.11.0)
    newrelic-redis (2.0.2)
      newrelic_rpm (~> 3.11)
      redis (< 4.0)
    newrelic_rpm (3.18.1.330)
    nokogiri (1.7.2)
      mini_portile2 (~> 2.1.0)
    nokogumbo (1.4.9)
      nokogiri
    ntlm-http (0.1.1)
    orm_adapter (0.5.0)
    paperclip (4.3.6)
      activemodel (>= 3.2.0)
      activesupport (>= 3.2.0)
      cocaine (~> 0.5.5)
      mime-types
      mimemagic (= 0.3.0)
    permit_yo (2.1.3)
    phraseapp-in-context-editor-ruby (1.2.1)
      i18n (>= 0.6)
      json (>= 1.7, < 3)
      phraseapp-ruby (~> 1.3)
    phraseapp-ruby (1.3.3)
    pickle (0.5.2)
      cucumber (>= 0.8)
      rake
    poltergeist (1.15.0)
      capybara (~> 2.1)
      cliver (~> 0.3.1)
      websocket-driver (>= 0.2.0)
    power_assert (1.0.2)
    pry (0.10.4)
      coderay (~> 1.1.0)
      method_source (~> 0.8.1)
      slop (~> 3.4)
    pry-byebug (3.4.2)
      byebug (~> 9.0)
      pry (~> 0.10)
    public_suffix (2.0.5)
    rack (1.5.5)
    rack-dev-mark (0.7.5)
      rack (>= 1.1)
    rack-protection (1.5.3)
      rack
    rack-test (0.6.3)
      rack (>= 1.0)
    rails (4.1.16)
      actionmailer (= 4.1.16)
      actionpack (= 4.1.16)
      actionview (= 4.1.16)
      activemodel (= 4.1.16)
      activerecord (= 4.1.16)
      activesupport (= 4.1.16)
      bundler (>= 1.3.0, < 2.0)
      railties (= 4.1.16)
      sprockets-rails (~> 2.0)
    rails-observers (0.1.2)
      activemodel (~> 4.0)
    railties (4.1.16)
      actionpack (= 4.1.16)
      activesupport (= 4.1.16)
      rake (>= 0.8.7)
      thor (>= 0.18.1, < 2.0)
    raindrops (0.18.0)
    rake (12.0.0)
    redis (3.3.3)
    redis-namespace (1.5.3)
      redis (~> 3.0, >= 3.0.4)
    request_store (1.3.2)
    responders (1.1.2)
      railties (>= 3.2, < 4.2)
    resque (1.27.4)
      mono_logger (~> 1.0)
      multi_json (~> 1.0)
      redis-namespace (~> 1.3)
      sinatra (>= 0.9.2)
      vegas (~> 0.1.2)
    resque-scheduler (4.3.0)
      mono_logger (~> 1.0)
      redis (~> 3.3)
      resque (~> 1.26)
      rufus-scheduler (~> 3.2)
    resque_mailer (2.4.2)
      actionmailer (>= 3.0)
    rest-client (1.8.0)
      http-cookie (>= 1.0.2, < 2.0)
      mime-types (>= 1.16, < 3.0)
      netrc (~> 0.7)
    rollout (2.4.1)
    rpm_contrib (2.2.0)
      newrelic_rpm (>= 3.1.1)
    rspec (3.4.0)
      rspec-core (~> 3.4.0)
      rspec-expectations (~> 3.4.0)
      rspec-mocks (~> 3.4.0)
    rspec-core (3.4.4)
      rspec-support (~> 3.4.0)
    rspec-expectations (3.4.0)
      diff-lcs (>= 1.2.0, < 2.0)
      rspec-support (~> 3.4.0)
    rspec-mocks (3.4.1)
      diff-lcs (>= 1.2.0, < 2.0)
      rspec-support (~> 3.4.0)
    rspec-rails (3.4.2)
      actionpack (>= 3.0, < 4.3)
      activesupport (>= 3.0, < 4.3)
      railties (>= 3.0, < 4.3)
      rspec-core (~> 3.4.0)
      rspec-expectations (~> 3.4.0)
      rspec-mocks (~> 3.4.0)
      rspec-support (~> 3.4.0)
    rspec-support (3.4.1)
    rubyzip (1.2.1)
    rufus-scheduler (3.4.0)
      et-orbi (~> 1.0)
    rvm-capistrano (1.5.6)
      capistrano (~> 2.15.4)
    safe_yaml (1.0.4)
    sanitize (4.4.0)
      crass (~> 1.0.2)
      nokogiri (>= 1.4.4)
      nokogumbo (~> 1.4.1)
    scrypt (2.1.1)
      ffi-compiler (>= 0.0.2)
      rake
    selenium-webdriver (3.4.0)
      childprocess (~> 0.5)
      rubyzip (~> 1.0)
      websocket (~> 1.0)
    shoulda (3.5.0)
      shoulda-context (~> 1.0, >= 1.0.1)
      shoulda-matchers (>= 1.4.1, < 3.0)
    shoulda-context (1.2.2)
    shoulda-matchers (2.8.0)
      activesupport (>= 3.0.0)
    simplecov (0.12.0)
      docile (~> 1.1.0)
      json (>= 1.8, < 3)
      simplecov-html (~> 0.10.0)
    simplecov-html (0.10.0)
    sinatra (1.4.8)
      rack (~> 1.5)
      rack-protection (~> 1.4)
      tilt (>= 1.3, < 3)
    slop (3.6.0)
    sprockets (3.7.1)
      concurrent-ruby (~> 1.0)
      rack (> 1, < 3)
    sprockets-rails (2.3.3)
      actionpack (>= 3.0)
      activesupport (>= 3.0)
      sprockets (>= 2.8, < 4.0)
    stringex (2.7.1)
    term-ansicolor (1.6.0)
      tins (~> 1.0)
    test-unit (3.2.3)
      power_assert
    test_after_commit (1.1.0)
      activerecord (>= 3.2)
    thor (0.19.4)
    thread_safe (0.3.6)
    tilt (2.0.7)
    timecop (0.8.1)
    timeliness (0.3.8)
    tins (1.13.3)
    tire (0.6.2)
      activemodel (>= 3.0)
      activesupport
      ansi
      hashr (~> 0.0.19)
      multi_json (~> 1.3)
      rake
      rest-client (~> 1.6)
    transaction_isolation (1.0.3)
      activerecord (>= 3.0.11)
    transaction_retry (1.0.2)
      activerecord (>= 3.0.11)
      transaction_isolation (>= 1.0.2)
    tzinfo (1.2.3)
      thread_safe (~> 0.1)
    unf (0.1.4)
      unf_ext
    unf_ext (0.0.7.4)
    unicode (0.4.4.4)
    unicorn (5.3.0)
      kgio (~> 2.6)
      raindrops (~> 0.7)
    unidecoder (1.1.2)
    uniform_notifier (1.9.0)
    vcr (3.0.3)
    vegas (0.1.11)
      rack (>= 1.0.0)
    warden (1.2.7)
      rack (>= 1.0)
    webmock (1.24.6)
      addressable (>= 2.3.6)
      crack (>= 0.3.2)
      hashdiff
    webrobots (0.1.2)
    websocket (1.2.4)
    websocket-driver (0.6.5)
      websocket-extensions (>= 0.1.0)
    websocket-extensions (0.1.2)
    whenever (0.6.8)
      aaronh-chronic (>= 0.3.9)
      activesupport (>= 2.3.4)
    whiny_validation (0.1.1)
      activerecord
      activesupport
    will_paginate (3.1.5)
    xpath (2.0.0)
      nokogiri (~> 1.3)

PLATFORMS
  ruby

DEPENDENCIES
  actionpack-page_caching
  activerecord-mysql-reconnect
  acts_as_list (>= 0.7.6)
  addressable
  akismetor
  audited (~> 4.4)
  authlogic (~> 3.4.6)
  aws-sdk
  bcrypt
  bullet (~> 5.0.0)
  bundler
  bundler-audit
  capistrano-gitflow_version (>= 0.0.3)
  capybara (~> 2.6.2)
  capybara-screenshot
  cocaine
  connection_pool
  coveralls (~> 0.8.12)
  css_parser
  cucumber (~> 2.3.2)
  cucumber-rails (~> 1.4.3)
  cucumber-timecop
  dalli
  database_cleaner (= 1.2.0)
  delorean
  devise
  devise-async
  elasticsearch
  email_spec (= 1.6.0)
  escape_utils (= 1.2.1)
  factory_girl (~> 4.5.0)
  factory_girl_rails
  faker (~> 1.6.3)
  fastimage
  gherkin
  globalize (~> 4.0.3)
  google_visualr (>= 2.1)
  htmlentities
  httparty
  kgio (= 2.10.0)
  launchy
  lograge
  mechanize
  minitest
  mysql2 (= 0.3.20)
  newrelic-redis
  newrelic_rpm
  nokogiri (>= 1.7.1)
  nokogumbo (= 1.4.9)
  paperclip (= 4.3.6)
  permit_yo
  phraseapp-in-context-editor-ruby (>= 1.0.6)
  pickle
  poltergeist
  pry-byebug
  rack-dev-mark (>= 0.7.5)
  rails (= 4.1.16)
  rails-observers
  redis (>= 3.0)
  redis-namespace
  resque (>= 1.14.0)
  resque-scheduler
  resque_mailer
  rest-client (~> 1.8.0)
  rollout
  rpm_contrib
  rspec (~> 3.4)
  rspec-rails (~> 3.4.2)
  rvm-capistrano
  sanitize
  selenium-webdriver
  shoulda
  simplecov (~> 0.12.0)
  test-unit (~> 3.0)
  test_after_commit
  timecop
  timeliness
  tire
  transaction_retry
  unicode
  unicorn (>= 5.1.0)
  unidecoder
  vcr (~> 3.0, >= 3.0.1)
  webmock (~> 1.24.2)
  whenever (~> 0.6.2)
  whiny_validation
  will_paginate (>= 3.0.2)

RUBY VERSION
   ruby 2.2.5p319

BUNDLED WITH
   1.14.6
